GEM
  remote: https://rubygems.org/
  specs:
    diff-lcs (1.4.4)
    rmagick (4.2.3)
    rspec (3.10.0)
      rspec-core (~> 3.10.0)
      rspec-expectations (~> 3.10.0)
      rspec-mocks (~> 3.10.0)
    rspec-core (3.10.1)
      rspec-support (~> 3.10.0)
    rspec-expectations (3.10.1)
      diff-lcs (>= 1.2.0, < 2.0)
      rspec-support (~> 3.10.0)
    rspec-mocks (3.10.2)
      diff-lcs (>= 1.2.0, < 2.0)
      rspec-support (~> 3.10.0)
    rspec-support (3.10.2)

PLATFORMS
  x86_64-linux

DEPENDENCIES
  rmagick (~> 4.2, >= 4.2.3)
  rspec

BUNDLED WITH
   2.2.22
